GEM
  remote: https://rubygems.org/
  specs:
    line_notify (1.0.0)
    mini_portile2 (2.6.1)
    nokogiri (1.12.5)
      mini_portile2 (~> 2.6.1)
      racc (~> 1.4)
    racc (1.5.2)

PLATFORMS
  ruby

DEPENDENCIES
  line_notify
  nokogiri

BUNDLED WITH
   1.16.1
