GEM
  remote: https://rubygems.org/
  specs:
    line_notify (1.0.0)
    mini_portile2 (2.3.0)
    nokogiri (1.8.3)
      mini_portile2 (~> 2.3.0)

PLATFORMS
  ruby

DEPENDENCIES
  line_notify
  nokogiri

BUNDLED WITH
   1.16.1
