GEM
  remote: https://rubygems.org/
  specs:
    line_notify (1.0.0)
    mini_portile2 (2.4.0)
    nokogiri (1.10.8)
      mini_portile2 (~> 2.4.0)

PLATFORMS
  ruby

DEPENDENCIES
  line_notify
  nokogiri

BUNDLED WITH
   1.16.1
