GEM
  remote: https://rubygems.org/
  specs:
    line_notify (1.0.0)
    mini_portile2 (2.8.0)
    nokogiri (1.13.4)
      mini_portile2 (~> 2.8.0)
      racc (~> 1.4)
    racc (1.6.0)

PLATFORMS
  ruby

DEPENDENCIES
  line_notify
  nokogiri

BUNDLED WITH
   1.16.1
